GIT
  remote: git://github.com/jlong/serve.git
  revision: 3c1df5027d6952dc70fc8e2390b77a3d297ad389
  specs:
    serve (1.5.1)
      activesupport (~> 3.0)
      i18n
      rack (~> 1.2)
      rack-test (~> 0.5)
      tilt (~> 1.3)
      tzinfo

GEM
  remote: http://rubygems.org/
  specs:
    RedCloth (4.2.9)
    activesupport (3.0.9)
    chunky_png (1.2.1)
    coffee-script (2.2.0)
      coffee-script-source
      execjs
    coffee-script-source (1.1.2)
    compass (0.11.5)
      chunky_png (~> 1.2)
      fssm (>= 0.2.7)
      sass (~> 3.1)
    css_parser (1.1.9)
    diff-lcs (1.1.2)
    erubis (2.7.0)
    execjs (1.2.4)
      multi_json (~> 1.0)
    fssm (0.2.7)
    git (1.2.5)
    haml (3.1.2)
    i18n (0.6.0)
    jeweler (1.6.4)
      bundler (~> 1.0)
      git (>= 1.2.5)
      rake
    less (1.2.21)
      mutter (>= 0.4.2)
      treetop (>= 1.4.2)
    maruku (0.6.0)
      syntax (>= 1.0.0)
    multi_json (1.0.3)
    mutter (0.5.3)
    polyglot (0.3.2)
    rack (1.3.2)
    rack-contrib (1.1.0)
      rack (>= 0.9.1)
    rack-test (0.6.1)
      rack (>= 1.0)
    radius (0.7.3)
    rake (0.9.2)
    rdiscount (1.6.8)
    rdoc (3.8)
    rspec (2.6.0)
      rspec-core (~> 2.6.0)
      rspec-expectations (~> 2.6.0)
      rspec-mocks (~> 2.6.0)
    rspec-core (2.6.4)
    rspec-expectations (2.6.0)
      diff-lcs (~> 1.1.2)
    rspec-mocks (2.6.0)
    sass (3.1.7)
    slim (0.9.4)
      temple (~> 0.3.0)
      tilt (~> 1.2)
    syntax (1.0.0)
    temple (0.3.2)
    tilt (1.3.2)
    treetop (1.4.10)
      polyglot
      polyglot (>= 0.3.1)
    tzinfo (0.3.29)

PLATFORMS
  ruby

DEPENDENCIES
  RedCloth (~> 4.2.9)
  activesupport (~> 3.0)
  coffee-script (~> 2.2.0)
  compass (~> 0.11.1)
  css_parser (~> 1.1.9)
  erubis (~> 2.7.0)
  haml (~> 3.1.1)
  i18n
  jeweler (~> 1.6.4)
  less (~> 1.2.21)
  maruku (~> 0.6.0)
  rack (~> 1.2)
  rack-contrib
  rack-test (~> 0.5)
  radius (~> 0.7.3)
  rake (~> 0.9.0)
  rdiscount (~> 1.6.8)
  rdoc (~> 3.8.0)
  rspec (~> 2.6.0)
  sass (~> 3.1.1)
  serve!
  slim (~> 0.9.4)
  tilt (~> 1.3)
  tzinfo
