GIT
  remote: git://github.com/jlong/serve.git
  revision: fa84a08fad9b5364f8b4d93fc5b69507a7bd0363
  specs:
    serve (1.5.1)
      activesupport (~> 3.0)
      i18n
      rack (~> 1.2)
      rack-test (~> 0.5)
      tilt (~> 1.3)
      tzinfo

GEM
  remote: https://rubygems.org/
  specs:
    RedCloth (4.2.9)
    activesupport (3.2.12)
      i18n (~> 0.6)
      multi_json (~> 1.0)
    addressable (2.3.3)
    chunky_png (1.2.7)
    coffee-script (2.2.0)
      coffee-script-source
      execjs
    coffee-script-source (1.4.0)
    commonjs (0.2.6)
    compass (0.12.2)
      chunky_png (~> 1.2)
      fssm (>= 0.2.7)
      sass (~> 3.1)
    css_parser (1.2.6)
      addressable
      rdoc
    diff-lcs (1.1.3)
    erubis (2.7.0)
    execjs (2.2.1)
    fssm (0.2.10)
    git (1.2.5)
    haml (3.1.8)
    i18n (0.6.1)
    jeweler (1.6.4)
      bundler (~> 1.0)
      git (>= 1.2.5)
      rake
    json (1.8.1)
    less (2.2.2)
      commonjs (~> 0.2.6)
    maruku (0.6.1)
      syntax (>= 1.0.0)
    multi_json (1.10.1)
    rack (1.5.2)
    rack-test (0.6.2)
      rack (>= 1.0)
    radius (0.7.3)
    rake (10.0.3)
    rdiscount (2.0.7)
    rdoc (3.12.1)
      json (~> 1.4)
    react-jsx (0.8.0)
      execjs (>= 2.0.2)
      json (>= 1.8.0)
      react-source (>= 0.4.1)
    react-source (0.10.0)
    rspec (2.12.0)
      rspec-core (~> 2.12.0)
      rspec-expectations (~> 2.12.0)
      rspec-mocks (~> 2.12.0)
    rspec-core (2.12.2)
    rspec-expectations (2.12.1)
      diff-lcs (~> 1.1.3)
    rspec-mocks (2.12.2)
    sass (3.2.6)
    slim (1.3.6)
      temple (~> 0.5.5)
      tilt (~> 1.3.3)
    syntax (1.0.0)
    temple (0.5.5)
    tilt (1.3.3)
    tzinfo (0.3.35)

PLATFORMS
  ruby

DEPENDENCIES
  RedCloth (~> 4.2.9)
  activesupport (~> 3.2.12)
  coffee-script (~> 2.2.0)
  compass (~> 0.12.2)
  css_parser (~> 1.2.6)
  erubis (~> 2.7.0)
  haml (~> 3.1.7)
  i18n
  jeweler (~> 1.6.4)
  less (~> 2.2.2)
  maruku (~> 0.6.1)
  rack (~> 1.5.2)
  rack-test (~> 0.6.2)
  radius (~> 0.7.3)
  rake (~> 10.0.3)
  rdiscount (~> 2.0.7)
  rdoc (~> 3.12.1)
  react-jsx (~> 0.8.0)
  rspec (~> 2.12.0)
  sass (~> 3.2.5)
  serve!
  slim (~> 1.3.6)
  tilt (~> 1.3.3)
  tzinfo
